FRAMEWORK: >= NET462
NUGET
  remote: https://api.nuget.org/v3/index.json
    Akka (1.2)
      Newtonsoft.Json (>= 9.0.1)
      System.Collections.Immutable (>= 1.3.1)
    Akka.FSharp (1.2)
      Akka (>= 1.2)
      FsPickler (>= 1.2.21)
      FSPowerPack.Core.Community (>= 3.0)
      FSPowerPack.Linq.Community (>= 3.0)
    Akka.Streams (1.2)
      Akka (>= 1.2)
      Reactive.Streams (>= 1.0.2)
      System.Collections.Immutable (>= 1.3.1)
    FSharp.Core (4.1.12)
      System.ValueTuple (>= 4.3)
    FsPickler (3.2)
    FSPowerPack.Core.Community (3.0)
    FSPowerPack.Linq.Community (3.0)
      FSPowerPack.Core.Community
    Newtonsoft.Json (10.0.2)
    Reactive.Streams (1.0.2)
  remote: https://dotnet.myget.org/F/dotnet-core
    System.Collections.Immutable (1.3.1)
    System.ValueTuple (4.3.0)
